GEM
  remote: https://rubygems.org/
  specs:
    Ascii85 (1.1.0)
    addressable (2.8.7)
      public_suffix (>= 2.0.2, < 7.0)
    afm (0.2.2)
    ast (2.4.2)
    async (2.11.0)
      console (~> 1.25, >= 1.25.2)
      fiber-annotation
      io-event (~> 1.5, >= 1.5.1)
      timers (~> 4.1)
    base64 (0.2.0)
    bigdecimal (3.1.8)
    bundler-audit (0.9.0.1)
      bundler (>= 1.2.0, < 3)
      thor (~> 1.0)
    coderay (1.1.3)
    colorator (1.1.0)
    colorize (1.1.0)
    concurrent-ruby (1.3.4)
    console (1.25.2)
      fiber-annotation
      fiber-local (~> 1.1)
      json
    em-websocket (0.5.3)
      eventmachine (>= 0.12.9)
      http_parser.rb (~> 0)
    ethon (0.16.0)
      ffi (>= 1.15.0)
    eventmachine (1.2.7)
    execjs (2.7.0)
    ffi (1.17.0-x86_64-linux-gnu)
    fiber-annotation (0.2.0)
    fiber-local (1.1.0)
      fiber-storage
    fiber-storage (0.1.0)
    formatador (1.1.0)
    forwardable-extended (2.6.0)
    google-protobuf (4.28.2-x86_64-linux)
      bigdecimal
      rake (>= 13)
    guard (2.18.0)
      formatador (>= 0.2.4)
      listen (>= 2.7, < 4.0)
      lumberjack (>= 1.0.12, < 2.0)
      nenv (~> 0.1)
      notiffany (~> 0.0)
      pry (>= 0.13.0)
      shellany (~> 0.0)
      thor (>= 0.18.1)
    guard-bundler (3.0.1)
      bundler (>= 2.1, < 3)
      guard (~> 2.2)
      guard-compat (~> 1.1)
    guard-bundler-audit (0.1.5)
      bundler-audit (>= 0.6.0)
      guard (~> 2.0)
    guard-compat (1.2.1)
    guard-rake (1.0.0)
      guard
      rake
    guard-rubocop (1.5.0)
      guard (~> 2.0)
      rubocop (< 2.0)
    guard-shell (0.7.2)
      guard (>= 2.0.0)
      guard-compat (~> 1.0)
    hashery (2.1.2)
    html-proofer (5.0.9)
      addressable (~> 2.3)
      async (~> 2.1)
      nokogiri (~> 1.13)
      pdf-reader (~> 2.11)
      rainbow (~> 3.0)
      typhoeus (~> 1.3)
      yell (~> 2.0)
      zeitwerk (~> 2.5)
    http_parser.rb (0.8.0)
    i18n (1.14.6)
      concurrent-ruby (~> 1.0)
    io-event (1.5.1)
    jekyll (4.3.4)
      addressable (~> 2.4)
      colorator (~> 1.0)
      em-websocket (~> 0.5)
      i18n (~> 1.0)
      jekyll-sass-converter (>= 2.0, < 4.0)
      jekyll-watch (~> 2.0)
      kramdown (~> 2.3, >= 2.3.1)
      kramdown-parser-gfm (~> 1.0)
      liquid (~> 4.0)
      mercenary (>= 0.3.6, < 0.5)
      pathutil (~> 0.9)
      rouge (>= 3.0, < 5.0)
      safe_yaml (~> 1.0)
      terminal-table (>= 1.8, < 4.0)
      webrick (~> 1.7)
    jekyll-admin (0.11.1)
      jekyll (>= 3.7, < 5.0)
      sinatra (>= 1.4)
      sinatra-contrib (>= 1.4)
    jekyll-analytics (0.1.14)
    jekyll-avatar (0.8.0)
      jekyll (>= 3.0, < 5.0)
    jekyll-email-protect (1.1.0)
    jekyll-feed (0.17.0)
      jekyll (>= 3.7, < 5.0)
    jekyll-paginate (1.1.0)
    jekyll-sass-converter (3.0.0)
      sass-embedded (~> 1.54)
    jekyll-seo-tag (2.8.0)
      jekyll (>= 3.8, < 5.0)
    jekyll-twitter-plugin (2.1.0)
    jekyll-watch (2.2.1)
      listen (~> 3.0)
    jekyll-youtube (1.0.0)
      jekyll
    jshint-rb (1.1.1)
      execjs (>= 1.3.2)
      multi_json (>= 1.3.5)
    json (2.7.2)
    kramdown (2.4.0)
      rexml
    kramdown-parser-gfm (1.1.0)
      kramdown (~> 2.0)
    language_server-protocol (3.17.0.3)
    liquid (4.0.4)
    listen (3.9.0)
      rb-fsevent (~> 0.10, >= 0.10.3)
      rb-inotify (~> 0.9, >= 0.9.10)
    lumberjack (1.2.8)
    match_regex (0.1.0)
    mercenary (0.4.0)
    method_source (1.0.0)
    multi_json (1.15.0)
    mustermann (3.0.0)
      ruby2_keywords (~> 0.0.1)
    nenv (0.3.0)
    nokogiri (1.16.5-x86_64-linux)
      racc (~> 1.4)
    notiffany (0.1.3)
      nenv (~> 0.1)
      shellany (~> 0.0)
    parallel (1.26.3)
    parser (3.3.5.0)
      ast (~> 2.4.1)
      racc
    pathutil (0.16.2)
      forwardable-extended (~> 2.6)
    pdf-reader (2.12.0)
      Ascii85 (~> 1.0)
      afm (~> 0.2.1)
      hashery (~> 2.0)
      ruby-rc4
      ttfunk
    pry (0.14.2)
      coderay (~> 1.1)
      method_source (~> 1.0)
    public_suffix (6.0.1)
    racc (1.8.1)
    rack (3.0.9.1)
    rack-protection (4.0.0)
      base64 (>= 0.1.0)
      rack (>= 3.0.0, < 4)
    rack-session (2.0.0)
      rack (>= 3.0.0)
    rainbow (3.1.1)
    rake (13.2.1)
    rb-fsevent (0.11.2)
    rb-inotify (0.11.1)
      ffi (~> 1.0)
    regexp_parser (2.9.2)
    replace_regex (0.1.0)
    rexml (3.3.7)
    rouge (4.3.0)
    rubocop (1.66.1)
      json (~> 2.3)
      language_server-protocol (>= 3.17.0)
      parallel (~> 1.10)
      parser (>= 3.3.0.2)
      rainbow (>= 2.2.2, < 4.0)
      regexp_parser (>= 2.4, < 3.0)
      rubocop-ast (>= 1.32.2, < 2.0)
      ruby-progressbar (~> 1.7)
      unicode-display_width (>= 2.4.0, < 3.0)
    rubocop-ast (1.32.3)
      parser (>= 3.3.1.0)
    rubocop-performance (1.22.1)
      rubocop (>= 1.48.1, < 2.0)
      rubocop-ast (>= 1.31.1, < 2.0)
    ruby-progressbar (1.13.0)
    ruby-rc4 (0.1.5)
    ruby2_keywords (0.0.5)
    safe_yaml (1.0.5)
    sass (3.7.4)
      sass-listen (~> 4.0.0)
    sass-embedded (1.78.0-x86_64-linux-gnu)
      google-protobuf (~> 4.27)
    sass-listen (4.0.0)
      rb-fsevent (~> 0.9, >= 0.9.4)
      rb-inotify (~> 0.9, >= 0.9.7)
    scss_lint (0.60.0)
      sass (~> 3.5, >= 3.5.5)
    shellany (0.0.1)
    sinatra (4.0.0)
      mustermann (~> 3.0)
      rack (>= 3.0.0, < 4)
      rack-protection (= 4.0.0)
      rack-session (>= 2.0.0, < 3)
      tilt (~> 2.0)
    sinatra-contrib (4.0.0)
      multi_json (>= 0.0.2)
      mustermann (~> 3.0)
      rack-protection (= 4.0.0)
      sinatra (= 4.0.0)
      tilt (~> 2.0)
    terminal-table (3.0.2)
      unicode-display_width (>= 1.1.1, < 3)
    thor (1.2.1)
    tilt (2.0.11)
    timers (4.3.5)
    ttfunk (1.8.0)
      bigdecimal (~> 3.1)
    typhoeus (1.4.1)
      ethon (>= 0.9.0)
    unicode-display_width (2.6.0)
    webrick (1.8.2)
    yell (2.2.2)
    zeitwerk (2.6.13)

PLATFORMS
  x86_64-linux

DEPENDENCIES
  colorize (~> 1.1)
  guard-bundler (~> 3.0)
  guard-bundler-audit (~> 0.1)
  guard-rake (~> 1.0)
  guard-rubocop (~> 1.5)
  guard-shell (~> 0.7)
  html-proofer (~> 5.0)
  jekyll (~> 4.3)
  jekyll-admin (~> 0.11)
  jekyll-analytics (~> 0.1)
  jekyll-avatar (~> 0.8)
  jekyll-email-protect (~> 1.1)
  jekyll-feed (~> 0.17)
  jekyll-paginate (~> 1.1)
  jekyll-seo-tag (~> 2.8)
  jekyll-twitter-plugin (~> 2.1)
  jekyll-youtube (~> 1.0)
  jshint-rb (~> 1.1)
  match_regex (~> 0.1)
  parallel (~> 1.26)
  rake (~> 13.2)
  replace_regex (~> 0.1)
  rubocop (~> 1.66)
  rubocop-performance (~> 1.22)
  scss_lint (~> 0.60)
  tzinfo-data
  webrick (~> 1.8)

RUBY VERSION
   ruby 3.2.2p53

BUNDLED WITH
   2.4.12
