GEM
  remote: http://rubygems.org/
  specs:
    RedCloth (4.3.2)
    addressable (2.5.2)
      public_suffix (>= 2.0.2, < 4.0)
    backports (3.11.2)
    chunky_png (1.3.10)
    colorator (1.1.0)
    compass (1.0.3)
      chunky_png (~> 1.2)
      compass-core (~> 1.0.2)
      compass-import-once (~> 1.0.5)
      rb-fsevent (>= 0.9.3)
      rb-inotify (>= 0.9)
      sass (>= 3.3.13, < 3.5)
    compass-core (1.0.3)
      multi_json (~> 1.0)
      sass (>= 3.3.0, < 3.5)
    compass-import-once (1.0.5)
      sass (>= 3.2, < 3.5)
    concurrent-ruby (1.0.5)
    em-websocket (0.5.1)
      eventmachine (>= 0.12.9)
      http_parser.rb (~> 0.6.0)
    eventmachine (1.2.5)
    ffi (1.9.23)
    forwardable-extended (2.6.0)
    haml (5.0.4)
      temple (>= 0.8.0)
      tilt
    http_parser.rb (0.6.0)
    i18n (0.9.5)
      concurrent-ruby (~> 1.0)
    jekyll (3.7.3)
      addressable (~> 2.4)
      colorator (~> 1.0)
      em-websocket (~> 0.5)
      i18n (~> 0.7)
      jekyll-sass-converter (~> 1.0)
      jekyll-watch (~> 2.0)
      kramdown (~> 1.14)
      liquid (~> 4.0)
      mercenary (~> 0.3.3)
      pathutil (~> 0.9)
      rouge (>= 1.7, < 4)
      safe_yaml (~> 1.0)
    jekyll-admin (0.8.0)
      addressable (~> 2.4)
      jekyll (~> 3.3)
      sinatra (~> 1.4)
      sinatra-contrib (~> 1.4)
    jekyll-sass-converter (1.5.2)
      sass (~> 3.4)
    jekyll-watch (2.0.0)
      listen (~> 3.0)
    kramdown (1.16.2)
    liquid (4.0.0)
    listen (3.1.5)
      rb-fsevent (~> 0.9, >= 0.9.4)
      rb-inotify (~> 0.9, >= 0.9.7)
      ruby_dep (~> 1.2)
    mercenary (0.3.6)
    multi_json (1.13.1)
    pathutil (0.16.1)
      forwardable-extended (~> 2.6)
    public_suffix (3.0.2)
    pygments.rb (1.2.1)
      multi_json (>= 1.0.0)
    rack (1.6.9)
    rack-protection (1.5.5)
      rack
    rack-test (1.0.0)
      rack (>= 1.0, < 3)
    rake (12.3.1)
    rb-fsevent (0.10.3)
    rb-inotify (0.9.10)
      ffi (>= 0.5.0, < 2)
    rdiscount (2.2.0.1)
    rouge (3.1.1)
    ruby_dep (1.5.0)
    rubypants (0.7.0)
    safe_yaml (1.0.4)
    sass (3.4.25)
    sass-globbing (1.1.5)
      sass (>= 3.1)
    sinatra (1.4.8)
      rack (~> 1.5)
      rack-protection (~> 1.4)
      tilt (>= 1.3, < 3)
    sinatra-contrib (1.4.7)
      backports (>= 2.0)
      multi_json
      rack-protection
      rack-test
      sinatra (~> 1.4.0)
      tilt (>= 1.3, < 3)
    stringex (2.8.4)
    temple (0.8.0)
    tilt (2.0.8)
    yajl-ruby (1.3.1)

PLATFORMS
  ruby

DEPENDENCIES
  RedCloth (~> 4.3)
  compass (~> 1.0)
  haml (~> 5.0)
  jekyll (~> 3.7)
  jekyll-admin (~> 0.8)
  liquid (~> 4.0)
  pygments.rb (~> 1.2)
  rake (~> 12.3)
  rb-fsevent (~> 0.10)
  rdiscount (~> 2.2)
  rubypants (~> 0.7)
  sass-globbing (~> 1.1)
  sinatra (~> 1.4)
  stringex (~> 2.8)
  yajl-ruby (~> 1.3)

RUBY VERSION
   ruby 2.5.1p57

BUNDLED WITH
   1.16.1
